GEM
  remote: https://rubygems.org/
  specs:
    coderay (1.1.3)
    date (3.1.0)
    diff-lcs (1.4.4)
    method_source (1.0.0)
    nokogiri (1.11.3-x64-mingw32)
      racc (~> 1.4)
    open-uri (0.1.0)
      stringio
      time
      uri
    pry (0.14.0)
      coderay (~> 1.1)
      method_source (~> 1.0)
    racc (1.5.2)
    rspec (3.10.0)
      rspec-core (~> 3.10.0)
      rspec-expectations (~> 3.10.0)
      rspec-mocks (~> 3.10.0)
    rspec-core (3.10.1)
      rspec-support (~> 3.10.0)
    rspec-expectations (3.10.1)
      diff-lcs (>= 1.2.0, < 2.0)
      rspec-support (~> 3.10.0)
    rspec-mocks (3.10.2)
      diff-lcs (>= 1.2.0, < 2.0)
      rspec-support (~> 3.10.0)
    rspec-support (3.10.2)
    rufo (0.12.0)
    sqlite3 (1.4.2)
    stringio (3.0.0)
    time (0.1.0)
      date
    uri (0.10.1)

PLATFORMS
  x64-mingw32

DEPENDENCIES
  nokogiri
  open-uri
  pry
  rspec
  rufo
  sqlite3

BUNDLED WITH
   2.2.3
